PATH
  remote: .
  specs:
    net-sasl (0.1.0)
      digest
      strscan

GEM
  remote: https://rubygems.org/
  specs:
    ast (2.4.2)
    digest (3.0.0)
    parallel (1.20.1)
    parser (3.0.1.0)
      ast (~> 2.4.1)
    power_assert (2.0.0)
    rainbow (3.0.0)
    rake (13.0.3)
    regexp_parser (2.1.1)
    rexml (3.2.3.1)
    rubocop (1.12.1)
      parallel (~> 1.10)
      parser (>= 3.0.0.0)
      rainbow (>= 2.2.2, < 4.0)
      regexp_parser (>= 1.8, < 3.0)
      rexml
      rubocop-ast (>= 1.2.0, < 2.0)
      ruby-progressbar (~> 1.7)
      unicode-display_width (>= 1.4.0, < 3.0)
    rubocop-ast (1.4.1)
      parser (>= 2.7.1.5)
    rubocop-rake (0.5.1)
      rubocop
    ruby-progressbar (1.11.0)
    strscan (3.0.0)
    test-unit (3.4.1)
      power_assert
    unicode-display_width (2.0.0)

PLATFORMS
  x86_64-linux

DEPENDENCIES
  net-sasl!
  rake (~> 13.0)
  rubocop (~> 1.7)
  rubocop-rake
  test-unit (~> 3.0)

BUNDLED WITH
   2.2.16
